GEM
  remote: http://rubygems.org/
  specs:
    git (1.3.0)

PLATFORMS
  ruby

DEPENDENCIES
  git

BUNDLED WITH
   1.12.4
